GEM
  remote: https://rubygems.org/
  specs:
    activemodel (6.0.3.5)
      activesupport (= 6.0.3.5)
    activerecord (6.0.3.5)
      activemodel (= 6.0.3.5)
      activesupport (= 6.0.3.5)
    activesupport (6.0.3.5)
      concurrent-ruby (~> 1.0, >= 1.0.2)
      i18n (>= 0.7, < 2)
      minitest (~> 5.1)
      tzinfo (~> 1.1)
      zeitwerk (~> 2.2, >= 2.2.2)
    bcrypt (3.1.13)
    byebug (11.0.1)
    concurrent-ruby (1.1.10)
    dotenv (2.7.5)
    i18n (1.10.0)
      concurrent-ruby (~> 1.0)
    minitest (5.16.2)
    nio4r (2.5.8)
    pg (1.1.4)
    puma (4.3.12)
      nio4r (~> 2.0)
    rack (2.1.4.1)
    thread_safe (0.3.6)
    tilt (2.0.10)
    tzinfo (1.2.9)
      thread_safe (~> 0.1)
    zeitwerk (2.6.0)

PLATFORMS
  ruby

DEPENDENCIES
  activerecord
  bcrypt (~> 3.1.7)
  byebug
  dotenv
  pg
  puma
  rack
  tilt

BUNDLED WITH
   2.0.2
